GEM
  remote: https://rubygems.org/
  specs:
    autotest-standalone (4.5.11)
    coderay (1.1.1)
    diff-lcs (1.3)
    method_source (0.8.2)
    pry (0.10.4)
      coderay (~> 1.1.0)
      method_source (~> 0.8.1)
      slop (~> 3.4)
    rake (12.3.1)
    rspec (3.5.0)
      rspec-core (~> 3.5.0)
      rspec-expectations (~> 3.5.0)
      rspec-mocks (~> 3.5.0)
    rspec-autotest (1.0.0)
      rspec-core (>= 2.99.0.beta1, < 4.0.0)
    rspec-core (3.5.4)
      rspec-support (~> 3.5.0)
    rspec-expectations (3.5.0)
      diff-lcs (>= 1.2.0, < 2.0)
      rspec-support (~> 3.5.0)
    rspec-mocks (3.5.0)
      diff-lcs (>= 1.2.0, < 2.0)
      rspec-support (~> 3.5.0)
    rspec-support (3.5.0)
    slop (3.6.0)
    waterfall (1.2.0)

PLATFORMS
  ruby

DEPENDENCIES
  autotest-standalone
  pry
  rake
  rspec
  rspec-autotest
  waterfall

BUNDLED WITH
   1.16.3
